GIT
  remote: https://github.com/heroku/rails3_serve_static_assets.git
  revision: 825284e2db1ecebf9b6a61f4322864fb398c5733
  specs:
    rails3_serve_static_assets (0.0.1)

GIT
  remote: https://github.com/heroku/rails_log_stdout.git
  revision: 868ae69489c05f8905650a27f0954c22ea0b9573
  specs:
    rails_log_stdout (0.0.1)

GEM
  remote: https://rubygems.org/
  specs:
    actionmailer (4.0.8)
      actionpack (= 4.0.8)
      mail (~> 2.5.4)
    actionpack (4.0.8)
      activesupport (= 4.0.8)
      builder (~> 3.1.0)
      erubis (~> 2.7.0)
      rack (~> 1.5.2)
      rack-test (~> 0.6.2)
    activemodel (4.0.8)
      activesupport (= 4.0.8)
      builder (~> 3.1.0)
    activerecord (4.0.8)
      activemodel (= 4.0.8)
      activerecord-deprecated_finders (~> 1.0.2)
      activesupport (= 4.0.8)
      arel (~> 4.0.0)
    activerecord-deprecated_finders (1.0.3)
    activesupport (4.0.8)
      i18n (~> 0.6, >= 0.6.9)
      minitest (~> 4.2)
      multi_json (~> 1.3)
      thread_safe (~> 0.1)
      tzinfo (~> 0.3.37)
    arel (4.0.2)
    builder (3.1.4)
    coffee-rails (4.0.1)
      coffee-script (>= 2.2.0)
      railties (>= 4.0.0, < 5.0)
    coffee-script (2.3.0)
      coffee-script-source
      execjs
    coffee-script-source (1.7.1)
    concurrent-ruby (1.1.9)
    dynamic_form (1.1.4)
    erubis (2.7.0)
    execjs (2.2.1)
    hike (1.2.3)
    i18n (0.9.5)
      concurrent-ruby (~> 1.0)
    jquery-rails (3.1.1)
      railties (>= 3.0, < 5.0)
      thor (>= 0.14, < 2.0)
    json (1.8.1)
    json (1.8.1-java)
    mail (2.5.4)
      mime-types (~> 1.16)
      treetop (~> 1.4.8)
    mime-types (1.25.1)
    minitest (4.7.5)
    multi_json (1.10.1)
    newrelic_rpm (3.9.0.229)
    pg (0.17.1)
    polyglot (0.3.5)
    puma (2.9.0)
      rack (>= 1.1, < 2.0)
    puma (2.9.0-java)
      rack (>= 1.1, < 2.0)
    rack (1.5.2)
    rack-test (0.6.2)
      rack (>= 1.0)
    rails (4.0.8)
      actionmailer (= 4.0.8)
      actionpack (= 4.0.8)
      activerecord (= 4.0.8)
      activesupport (= 4.0.8)
      bundler (>= 1.3.0, < 2.0)
      railties (= 4.0.8)
      sprockets-rails (~> 2.0)
    rails_12factor (0.0.2)
      rails_serve_static_assets
      rails_stdout_logging
    rails_serve_static_assets (0.0.2)
    rails_stdout_logging (0.0.3)
    railties (4.0.8)
      actionpack (= 4.0.8)
      activesupport (= 4.0.8)
      rake (>= 0.8.7)
      thor (>= 0.18.1, < 2.0)
    rake (10.3.2)
    sass (3.2.19)
    sass-rails (4.0.3)
      railties (>= 4.0.0, < 5.0)
      sass (~> 3.2.0)
      sprockets (~> 2.8, <= 2.11.0)
      sprockets-rails (~> 2.0)
    sprockets (2.11.0)
      hike (~> 1.2)
      multi_json (~> 1.0)
      rack (~> 1.0)
      tilt (~> 1.1, != 1.3.0)
    sprockets-rails (2.1.3)
      actionpack (>= 3.0)
      activesupport (>= 3.0)
      sprockets (~> 2.8)
    thor (0.19.1)
    thread_safe (0.3.4)
    thread_safe (0.3.4-java)
    tilt (1.4.1)
    treetop (1.4.15)
      polyglot
      polyglot (>= 0.3.1)
    turbolinks (2.2.2)
      coffee-rails
    tzinfo (0.3.40)
    uglifier (2.5.1)
      execjs (>= 0.3.0)
      json (>= 1.8.0)

PLATFORMS
  java
  ruby

DEPENDENCIES
  coffee-rails (~> 4.0.0)
  dynamic_form
  jquery-rails
  newrelic_rpm
  pg
  puma
  rails (~> 4.0.0)
  rails3_serve_static_assets!
  rails_12factor
  rails_log_stdout!
  sass-rails (~> 4.0.0)
  turbolinks
  uglifier (>= 2.1.1)
